PATH
  remote: /Users/flurin/Projects.local/libraries/html_mockup
  specs:
    html_mockup (0.7.4)
      hpricot (>= 0.6.4)
      rack (>= 1.0.0)
      sass
      thor (~> 0.16.0)
      tilt

GEM
  remote: https://rubygems.org/
  specs:
    POpen4 (0.1.4)
      Platform (>= 0.4.0)
      open4
    Platform (0.4.0)
    hpricot (0.8.6)
    open4 (1.3.0)
    rack (1.5.2)
    redcarpet (2.2.2)
    sass (3.2.9)
    thor (0.16.0)
    tilt (1.4.1)
    yui-compressor (0.9.6)
      POpen4 (>= 0.1.4)

PLATFORMS
  ruby

DEPENDENCIES
  html_mockup!
  redcarpet
  sass
  yui-compressor
