PATH
  remote: /Users/flurin/Projects.local/libraries/html_mockup
  specs:
    html_mockup (0.8.4)
      hpricot (>= 0.6.4)
      mime-types (~> 2.2)
      rack (>= 1.0.0)
      sass
      thor (~> 0.16.0)
      tilt (~> 2.0.1)
      yui-compressor

GEM
  remote: https://rubygems.org/
  specs:
    coderay (1.1.0)
    hpricot (0.8.6)
    method_source (0.8.2)
    mime-types (2.2)
    pry (0.9.12.6)
      coderay (~> 1.0)
      method_source (~> 0.8)
      slop (~> 3.4)
    rack (1.5.2)
    redcarpet (3.1.1)
    sass (3.3.5)
    slop (3.5.0)
    thor (0.16.0)
    tilt (2.0.1)
    yui-compressor (0.12.0)

PLATFORMS
  ruby

DEPENDENCIES
  html_mockup!
  pry
  redcarpet
  sass
  yui-compressor
